GEM
  remote: https://rubygems.org/
  specs:
    builder (3.2.2)
    feedbag (0.9.8)
      nokogiri (~> 1.0)
      open_uri_redirections (~> 0.2)
    json (1.8.3)
    mini_portile2 (2.3.0)
    nokogiri (1.8.2)
      mini_portile2 (~> 2.3.0)
    open_uri_redirections (0.2.1)

PLATFORMS
  ruby

DEPENDENCIES
  builder
  feedbag (>= 0.9.5)
  json
  nokogiri (>= 1.8.2)

BUNDLED WITH
   1.16.1
